GEM
  remote: https://rubygems.org/
  specs:
    rmagick (4.2.4)

PLATFORMS
  ruby

DEPENDENCIES
  rmagick (~> 4.2)!

BUNDLED WITH
   1.17.3
